PATH
  remote: .
  specs:
    excon (0.16.10)

GEM
  remote: http://rubygems.org/
  specs:
    activesupport (6.1.7.1)
      concurrent-ruby (~> 1.0, >= 1.0.2)
      i18n (>= 1.6, < 2)
      minitest (>= 5.1)
      tzinfo (~> 2.0)
      zeitwerk (~> 2.3)
    bouncy-castle-java (1.5.0146.1)
    chronic (0.6.7)
    concurrent-ruby (1.1.10)
    delorean (2.0.0)
      chronic
    eventmachine (1.0.0)
    eventmachine (1.0.0-java)
    formatador (0.2.3)
    i18n (1.12.0)
      concurrent-ruby (~> 1.0)
    jruby-openssl (0.7.7)
      bouncy-castle-java (>= 1.5.0146.1)
    json (1.7.3)
    json (1.7.3-java)
    minitest (5.17.0)
    open4 (1.3.0)
    rack (1.4.1)
    rack-protection (1.2.0)
      rack
    rake (0.9.2.2)
    rdoc (3.12)
      json (~> 1.4)
    shindo (0.3.4)
      formatador (>= 0.1.1)
    sinatra (1.3.2)
      rack (~> 1.3, >= 1.3.6)
      rack-protection (~> 1.2)
      tilt (~> 1.3, >= 1.3.3)
    tilt (1.3.3)
    tzinfo (2.0.5)
      concurrent-ruby (~> 1.0)
    zeitwerk (2.6.6)

PLATFORMS
  java
  ruby

DEPENDENCIES
  activesupport
  delorean
  eventmachine
  excon!
  jruby-openssl
  open4
  rake
  rdoc
  shindo
  sinatra
