PATH
  remote: .
  specs:
    excon (0.16.10)

GEM
  remote: http://rubygems.org/
  specs:
    activesupport (3.2.6)
      i18n (~> 0.6)
      multi_json (~> 1.0)
    bouncy-castle-java (1.5.0146.1)
    chronic (0.6.7)
    delorean (2.0.0)
      chronic
    eventmachine (1.0.0)
    eventmachine (1.0.0-java)
    formatador (0.2.3)
    i18n (0.6.0)
    jruby-openssl (0.7.7)
      bouncy-castle-java (>= 1.5.0146.1)
    json (1.7.3)
    json (1.7.3-java)
    multi_json (1.3.6)
    mustermann (2.0.2)
      ruby2_keywords (~> 0.0.1)
    open4 (1.3.0)
    rack (2.2.4)
    rack-protection (2.2.3)
      rack
    rake (0.9.2.2)
    rdoc (3.12)
      json (~> 1.4)
    ruby2_keywords (0.0.5)
    shindo (0.3.4)
      formatador (>= 0.1.1)
    sinatra (2.2.3)
      mustermann (~> 2.0)
      rack (~> 2.2)
      rack-protection (= 2.2.3)
      tilt (~> 2.0)
    tilt (2.0.11)

PLATFORMS
  java
  ruby

DEPENDENCIES
  activesupport
  delorean
  eventmachine
  excon!
  jruby-openssl
  open4
  rake
  rdoc
  shindo
  sinatra
